PATH
  remote: .
  specs:
    iron_cache_rails (0.1.5)
      iron_cache (>= 1)

GEM
  remote: https://rubygems.org/
  specs:
    iron_cache (1.4.0)
      iron_core (>= 0.5.1)
    iron_core (1.0.3)
      rest (>= 2.6.4)
    minitest (5.2.2)
    net-http-persistent (2.9.1)
    netrc (0.7.7)
    rake (10.1.1)
    rest (2.7.0)
      net-http-persistent
      rest_client (>= 1.7.1)
    rest_client (1.7.2)
      netrc (~> 0.7.7)
    test-unit (2.5.5)
    uber_config (1.1.0)

PLATFORMS
  ruby

DEPENDENCIES
  iron_cache_rails!
  minitest
  rake
  test-unit
  uber_config
